GEM
  remote: https://rubygems.org/
  specs:
    addressable (2.8.1)
      public_suffix (>= 2.0.2, < 6.0)
    debug (1.7.1)
      irb (>= 1.5.0)
      reline (>= 0.3.1)
    io-console (0.6.0)
    irb (1.6.2)
      reline (>= 0.3.0)
    launchy (2.5.2)
      addressable (~> 2.8)
    public_suffix (5.0.1)
    reline (0.3.2)
      io-console (~> 0.5)
    webrick (1.8.1)

PLATFORMS
  x86_64-linux

DEPENDENCIES
  debug
  launchy
  webrick

BUNDLED WITH
   2.4.7
